PATH
  remote: .
  specs:
    rulers (0.0.5)
      erubis
      multi_json
      rack (~> 2.2)
      webrick

GEM
  remote: https://rubygems.org/
  specs:
    erubis (2.7.0)
    minitest (5.17.0)
    multi_json (1.15.0)
    rack (2.2.6.2)
    rack-test (2.0.2)
      rack (>= 1.3)
    rake (13.0.6)
    webrick (1.8.1)

PLATFORMS
  x86_64-linux

DEPENDENCIES
  minitest
  rack-test
  rake (~> 13.0)
  rulers!

BUNDLED WITH
   2.3.22
